GEM
  remote: https://rubygems.org/
  specs:
    backports (3.6.0)
    coffee-script (2.2.0)
      coffee-script-source
      execjs
    coffee-script-source (1.7.0)
    execjs (2.0.2)
    looksee (2.1.0)
    multi_json (1.9.2)
    paint (0.8.7)
    rack (1.5.2)
    rack-protection (1.5.2)
      rack
    rack-test (0.6.2)
      rack (>= 1.0)
    sass (3.3.4)
    sinatra (1.4.4)
      rack (~> 1.4)
      rack-protection (~> 1.4)
      tilt (~> 1.3, >= 1.3.4)
    sinatra-contrib (1.4.2)
      backports (>= 2.0)
      multi_json
      rack-protection
      rack-test
      sinatra (~> 1.4.0)
      tilt (~> 1.3)
    tilt (1.4.1)
    wirb (1.0.3)
      paint (~> 0.8)

PLATFORMS
  ruby

DEPENDENCIES
  coffee-script
  looksee
  sass
  sinatra
  sinatra-contrib
  wirb
